

GROUP build
STORAGE: NONE
NUGET
  remote: https://api.nuget.org/v3/index.json
    ExcelDna.Integration (0.34.6)
    ExcelDna.Interop (14.0.1)
    ExcelDna.Registration (0.34.7)
      ExcelDna.Integration (>= 0.34.6)
    ExcelDna.Registration.FSharp (0.34.7)
      ExcelDna.Integration (>= 0.34.6)
      ExcelDna.Interop (>= 14.0)
      ExcelDna.Registration (0.34.7)
GIT
  remote: https://github.com/humhei/AddIn_Package_Updated.git
     (ca2c798022b7c12899a1d986558e2d7b03cd9973)
GITHUB
  remote: Ravadre/NLog.FSharp
    NLog.FSharp/Logger.fs (6aa72d799b792cc7db247f7925eeb6371b17f8ba)